GEM
  remote: https://rubygems.org/
  specs:
    parallel (1.21.0)

PLATFORMS
  arm64-darwin-21

DEPENDENCIES
  parallel

BUNDLED WITH
   2.2.22
